GIT
  remote: git://github.com/nesquena/query_reviewer.git
  revision: 2fb260047843fb9966c3454f530421bd21ec22e8
  specs:
    query_reviewer (0.1.5)

GIT
  remote: git://github.com/nimbul/cloudmaster.git
  revision: 731b089664a82d3c257c557f3dbfcd5560becf13
  specs:
    cloudmaster (1.0.0)

GIT
  remote: https://github.com/Velir/open_id_authentication.git
  revision: 7955a4bf22c08d9f90ffe1e02bb570289a86a8f1
  tag: v1.0.0
  specs:
    open_id_authentication (1.0.0)
      rack-openid (~> 1.3)

GIT
  remote: https://github.com/justinfrench/formtastic.git
  revision: 00d4311fb65eca497aa3e93b06f9a4a3681a2917
  branch: 1.2-stable
  specs:
    formtastic (1.2.4)
      actionpack (>= 2.3.7)
      activesupport (>= 2.3.7)
      i18n (~> 0.4)

GEM
  remote: http://rubygems.org/
  remote: http://gems.rubyforge.org/
  remote: http://gemcutter.org/
  specs:
    Ruby-MemCache (0.0.1)
      io-reactor (> 0.0.0)
    SysVIPC (0.9)
    ZenTest (4.6.2)
    aasm (3.0.3)
      activerecord
    actionmailer (2.3.14)
      actionpack (= 2.3.14)
    actionpack (2.3.14)
      activesupport (= 2.3.14)
      rack (~> 1.1.0)
    activerecord (2.3.14)
      activesupport (= 2.3.14)
    activeresource (2.3.14)
      activesupport (= 2.3.14)
    activesupport (2.3.14)
    amqp (0.6.7)
      eventmachine (>= 0.12.4)
    autotest (4.4.6)
      ZenTest (>= 4.4.1)
    aws (2.5.6)
      http_connection
      uuidtools
      xml-simple
    bert (1.1.2)
    builder (3.0.0)
    carrot (1.2.0)
    chronic (0.6.7)
    cucumber (1.1.9)
      builder (>= 2.1.2)
      diff-lcs (>= 1.1.2)
      gherkin (~> 2.9.0)
      json (>= 1.4.6)
      term-ansicolor (>= 1.0.6)
    daemons (1.1.8)
    diff-lcs (1.1.3)
    emissary (1.3.13)
      amqp (= 0.6.7)
      bert (>= 1.1.2)
      carrot (>= 0.8.1)
      daemons (>= 1.0.10)
      eventmachine (>= 0.12.10)
      inifile (>= 0.3.0)
      servolux (>= 0.9.4)
      sys-cpu (>= 0.6.2)
      uuid (>= 2.3.0)
      work_queue (>= 1.0.0)
    eventmachine (0.12.10)
    facter (1.6.5)
    fastthread (1.0.7)
    ffi (1.0.11)
    gherkin (2.9.0)
      json (>= 1.4.6)
    http_connection (1.4.1)
    i18n (0.6.0)
    inifile (0.4.1)
    io-reactor (1.0.4)
    json (1.6.5)
    macaddr (1.5.0)
      systemu (>= 2.4.0)
    mysql (2.8.1)
    mysql2 (0.2.18)
    net-sftp (2.0.5)
      net-ssh (>= 2.0.9)
    net-ssh (2.3.0)
    rack (1.1.3)
    rack-openid (1.3.1)
      rack (>= 1.1.0)
      ruby-openid (>= 2.1.8)
    rails (2.3.14)
      actionmailer (= 2.3.14)
      actionpack (= 2.3.14)
      activerecord (= 2.3.14)
      activeresource (= 2.3.14)
      activesupport (= 2.3.14)
      rake (>= 0.8.3)
    rake (0.9.2.2)
    rspec (2.8.0)
      rspec-core (~> 2.8.0)
      rspec-expectations (~> 2.8.0)
      rspec-mocks (~> 2.8.0)
    rspec-core (2.8.0)
    rspec-expectations (2.8.0)
      diff-lcs (~> 1.1.2)
    rspec-mocks (2.8.0)
    ruby-openid (2.1.8)
    rufus-scheduler (2.0.16)
      tzinfo (>= 0.3.23)
    servolux (0.10.0)
    sys-cpu (0.7.0)
      ffi (>= 1.0.0)
    systemu (2.4.2)
    term-ansicolor (1.0.7)
    tzinfo (0.3.31)
    uuid (2.3.5)
      macaddr (~> 1.0)
    uuidtools (2.1.2)
    wirble (0.1.3)
    work_queue (1.0.0)
    xml-simple (1.1.1)

PLATFORMS
  ruby

DEPENDENCIES
  Ruby-MemCache
  SysVIPC (~> 0.9.0)
  ZenTest
  aasm
  autotest
  aws
  carrot
  chronic
  cloudmaster!
  cucumber
  daemons
  emissary
  facter
  fastthread
  formtastic!
  mysql
  mysql2 (~> 0.2.7)
  net-sftp
  net-ssh
  open_id_authentication!
  query_reviewer!
  rails (~> 2.3.0)
  rspec
  ruby-openid
  rufus-scheduler
  wirble
  work_queue (~> 1.0.0)
