GIT
  remote: git://github.com/nimbul/cloudmaster.git
  revision: 731b089664a82d3c257c557f3dbfcd5560becf13
  specs:
    cloudmaster (1.0.0)

GIT
  remote: git://github.com/nimbul/cloudmaster.git
  revision: 06d60a20ce54feb8c6e23dc05df730d4ce9e3ff3
  specs:
    cloudmaster (1.0.0)

GIT
  remote: https://github.com/Velir/open_id_authentication.git
  revision: 7955a4bf22c08d9f90ffe1e02bb570289a86a8f1
  tag: v1.0.0
  specs:
    open_id_authentication (1.0.0)
      rack-openid (~> 1.3)

GIT
  remote: https://github.com/justinfrench/formtastic.git
  revision: 00d4311fb65eca497aa3e93b06f9a4a3681a2917
  branch: 1.2-stable
  specs:
    formtastic (1.2.4)
      actionpack (>= 2.3.7)
      activesupport (>= 2.3.7)
      i18n (~> 0.4)

<<<<<<< HEAD
<<<<<<< HEAD
<<<<<<< HEAD
GIT
  remote: https://github.com/nimbul/cloudmaster.git
  revision: 06d60a20ce54feb8c6e23dc05df730d4ce9e3ff3
  specs:
    cloudmaster (1.0.0)

=======
>>>>>>> Updates to support user data from service
=======
>>>>>>> Updating gemfile
=======
>>>>>>> 2.1
GEM
  remote: http://rubygems.org/
  remote: http://gems.rubyforge.org/
  remote: http://gemcutter.org/
  specs:
    Ruby-MemCache (0.0.1)
      io-reactor (> 0.0.0)
    SysVIPC (0.9)
    ZenTest (4.6.2)
    aasm (2.3.1)
      activerecord
    actionmailer (2.3.14)
      actionpack (= 2.3.14)
    actionpack (2.3.14)
      activesupport (= 2.3.14)
      rack (~> 1.1.0)
    activerecord (2.3.14)
      activesupport (= 2.3.14)
    activeresource (2.3.14)
      activesupport (= 2.3.14)
    activesupport (2.3.14)
    amqp (0.6.7)
      eventmachine (>= 0.12.4)
    autotest (4.4.6)
      ZenTest (>= 4.4.1)
    aws (2.5.6)
      http_connection
      uuidtools
<<<<<<< HEAD
=======
      xml-simple
    aws-s3 (0.6.2)
      builder
      mime-types
>>>>>>> Updating gemfile
      xml-simple
    bert (1.1.2)
    builder (3.0.0)
    carrot (1.2.0)
<<<<<<< HEAD
    chronic (0.6.4)
    cucumber (1.1.1)
      builder (>= 2.1.2)
      diff-lcs (>= 1.1.2)
      gherkin (~> 2.6.0)
=======
    chronic (0.6.6)
    cucumber (1.1.4)
      builder (>= 2.1.2)
      diff-lcs (>= 1.1.2)
      gherkin (~> 2.7.1)
>>>>>>> Updating gemfile
      json (>= 1.4.6)
      term-ansicolor (>= 1.0.6)
    daemons (1.1.4)
    diff-lcs (1.1.3)
    emissary (1.3.13)
      amqp (= 0.6.7)
      bert (>= 1.1.2)
      carrot (>= 0.8.1)
      daemons (>= 1.0.10)
      eventmachine (>= 0.12.10)
      inifile (>= 0.3.0)
      servolux (>= 0.9.4)
      sys-cpu (>= 0.6.2)
      uuid (>= 2.3.0)
      work_queue (>= 1.0.0)
    eventmachine (0.12.10)
<<<<<<< HEAD
    facter (1.6.2)
    fastthread (1.0.7)
    gherkin (2.6.1)
=======
    facter (1.6.4)
    fastthread (1.0.7)
    ffi (1.0.11)
    gherkin (2.7.1)
>>>>>>> Updating gemfile
      json (>= 1.4.6)
    http_connection (1.4.1)
    i18n (0.6.0)
    inifile (0.4.1)
    io-reactor (1.0.4)
<<<<<<< HEAD
    json (1.6.1)
    macaddr (1.4.0)
      systemu (~> 2.2.0)
=======
    json (1.6.3)
    macaddr (1.5.0)
      systemu (>= 2.4.0)
    mime-types (1.17.2)
>>>>>>> Updating gemfile
    mysql (2.8.1)
    net-sftp (2.0.5)
      net-ssh (>= 2.0.9)
    net-ssh (2.2.1)
    rack (1.1.2)
    rack-openid (1.3.1)
      rack (>= 1.1.0)
      ruby-openid (>= 2.1.8)
    rails (2.3.14)
      actionmailer (= 2.3.14)
      actionpack (= 2.3.14)
      activerecord (= 2.3.14)
      activeresource (= 2.3.14)
      activesupport (= 2.3.14)
      rake (>= 0.8.3)
    rake (0.9.2.2)
    rspec (2.7.0)
      rspec-core (~> 2.7.0)
      rspec-expectations (~> 2.7.0)
      rspec-mocks (~> 2.7.0)
    rspec-core (2.7.1)
    rspec-expectations (2.7.0)
      diff-lcs (~> 1.1.2)
    rspec-mocks (2.7.0)
    ruby-openid (2.1.8)
<<<<<<< HEAD
    rufus-scheduler (2.0.12)
      tzinfo (>= 0.3.23)
    servolux (0.9.6)
    sys-cpu (0.6.4)
    systemu (2.2.0)
    term-ansicolor (1.0.7)
    tzinfo (0.3.30)
=======
    rufus-scheduler (2.0.14)
      tzinfo (>= 0.3.23)
    servolux (0.9.6)
    sys-cpu (0.7.0)
      ffi (>= 1.0.0)
    systemu (2.4.2)
    term-ansicolor (1.0.7)
    tzinfo (0.3.31)
>>>>>>> Updating gemfile
    uuid (2.3.4)
      macaddr (~> 1.0)
    uuidtools (2.1.2)
    work_queue (1.0.0)
    xml-simple (1.1.1)

PLATFORMS
  ruby

DEPENDENCIES
  Ruby-MemCache
  SysVIPC (~> 0.9.0)
  ZenTest
  aasm
  autotest
  aws
<<<<<<< HEAD
=======
  aws-s3
>>>>>>> Updating gemfile
  carrot
  chronic
  cloudmaster!
  cucumber
  emissary
  facter
  fastthread
  formtastic!
  mysql (~> 2.8.1)
  net-sftp
  net-ssh
  open_id_authentication!
  rails (~> 2.3.0)
  rspec
  ruby-openid
  rufus-scheduler
  work_queue (~> 1.0.0)
