GIT
  remote: git://github.com/nesquena/query_reviewer.git
  revision: 43b46f92afbc81ae7da8459ff3ae9afa465fe4e8
  specs:
    query_reviewer (0.1.5)

GIT
  remote: git://github.com/nimbul/cloudmaster.git
  revision: 731b089664a82d3c257c557f3dbfcd5560becf13
  specs:
    cloudmaster (1.0.0)

GIT
  remote: http://github.com/rabbitt/carrot
  revision: aa2b5de5d03515d27e95ee49adaad54b4753dbeb
  specs:
    carrot (0.8.1)

GIT
  remote: https://github.com/FooBarWidget/daemon_controller.git
  revision: ffdd2f2484c24e0aeea52f97a9162eb9ddbf83dd
  specs:
    daemon_controller (1.0.0)

GIT
  remote: https://github.com/Velir/open_id_authentication.git
  revision: 7955a4bf22c08d9f90ffe1e02bb570289a86a8f1
  tag: v1.0.0
  specs:
    open_id_authentication (1.0.0)
      rack-openid (~> 1.3)

GIT
  remote: https://github.com/bvandenbos/resque-scheduler.git
  revision: 88820f336c5951c4c8c3d8bda51863c81dee7064
  branch: v2.0
  specs:
    resque-scheduler (2.0.0.a)
      redis (>= 2.0.1)
      resque (>= 1.8.0)
      rufus-scheduler

GIT
  remote: https://github.com/jayniz/resque-loner.git
  revision: 50371b0ec2d96e84ad1c298eb129fa5e3e7293f6
  specs:
    resque-loner (1.2.0)
      resque (~> 1.0)

GIT
  remote: https://github.com/justinfrench/formtastic.git
  revision: d28bcfeaf9b4e56938b03cf5d17a601637feefe1
  branch: 1.2-stable
  specs:
    formtastic (1.2.4)
      i18n (~> 0.4.0)

GIT
  remote: https://github.com/nimbul/spawn.git
  revision: 3eaf699324b2e619b2883f694f9a402975f3e4b7
  specs:
    spawn (1.0.1.1)
      rails (= 2.3.14)

GEM
  remote: http://rubygems.org/
  remote: http://gems.rubyforge.org/
  remote: http://gemcutter.org/
  specs:
    Ruby-MemCache (0.0.1)
      io-reactor (> 0.0.0)
    ZenTest (4.7.0)
    aasm (3.0.3)
      activerecord
    actionmailer (2.3.14)
      actionpack (= 2.3.14)
    actionpack (2.3.14)
      activesupport (= 2.3.14)
      rack (~> 1.1.0)
    activerecord (2.3.14)
      activesupport (= 2.3.14)
    activeresource (2.3.14)
      activesupport (= 2.3.14)
    activesupport (2.3.14)
    amqp (0.6.7)
      eventmachine (>= 0.12.4)
    autotest (4.4.6)
      ZenTest (>= 4.4.1)
    aws (2.5.6)
      http_connection
      uuidtools
      xml-simple
    bert (1.1.2)
    builder (3.0.0)
    chronic (0.6.7)
    cucumber (1.1.9)
      builder (>= 2.1.2)
      diff-lcs (>= 1.1.2)
      gherkin (~> 2.9.0)
      json (>= 1.4.6)
      term-ansicolor (>= 1.0.6)
    daemons (1.0.10)
    diff-lcs (1.1.3)
    emissary (1.3.13)
      amqp (= 0.6.7)
      bert (>= 1.1.2)
      carrot (>= 0.8.1)
      daemons (>= 1.0.10)
      eventmachine (>= 0.12.10)
      inifile (>= 0.3.0)
      servolux (>= 0.9.4)
      sys-cpu (>= 0.6.2)
      uuid (>= 2.3.0)
      work_queue (>= 1.0.0)
    eventmachine (0.12.10)
    facter (1.6.7)
    fastthread (1.0.7)
    ffi (1.0.11)
    gherkin (2.9.3)
      json (>= 1.4.6)
    god (0.12.1)
    grit (2.4.1)
      diff-lcs (~> 1.1)
      mime-types (~> 1.15)
    http_connection (1.4.1)
    i18n (0.4.2)
    inifile (1.1.0)
    io-reactor (1.0.4)
    json (1.6.6)
    macaddr (1.5.0)
      systemu (>= 2.4.0)
    mime-types (1.18)
    multi_json (1.2.0)
    mysql (2.8.1)
    net-sftp (2.0.5)
      net-ssh (>= 2.0.9)
    net-ssh (2.3.0)
    rack (1.1.3)
    rack-openid (1.3.1)
      rack (>= 1.1.0)
      ruby-openid (>= 2.1.8)
    rails (2.3.14)
      actionmailer (= 2.3.14)
      actionpack (= 2.3.14)
      activerecord (= 2.3.14)
      activeresource (= 2.3.14)
      activesupport (= 2.3.14)
      rake (>= 0.8.3)
    rake (0.9.2.2)
    redis (2.2.2)
    redis-namespace (1.0.3)
      redis (< 3.0.0)
    resque (1.20.0)
      multi_json (~> 1.0)
      redis-namespace (~> 1.0.2)
      sinatra (>= 0.9.2)
      vegas (~> 0.1.2)
    rspec (2.9.0)
      rspec-core (~> 2.9.0)
      rspec-expectations (~> 2.9.0)
      rspec-mocks (~> 2.9.0)
    rspec-core (2.9.0)
    rspec-expectations (2.9.0)
      diff-lcs (~> 1.1.3)
    rspec-mocks (2.9.0)
    ruby-openid (2.1.8)
    rufus-scheduler (2.0.16)
      tzinfo (>= 0.3.23)
    servolux (0.10.0)
    sinatra (1.2.8)
      rack (~> 1.1)
      tilt (>= 1.2.2, < 2.0)
    statemachine (2.0.1)
    sys-cpu (0.7.0)
      ffi (>= 1.0.0)
    systemu (2.5.0)
    term-ansicolor (1.0.7)
    tilt (1.3.3)
    tzinfo (0.3.32)
    uuid (2.3.5)
      macaddr (~> 1.0)
    uuidtools (2.1.2)
    vegas (0.1.11)
      rack (>= 1.0.0)
    wirble (0.1.3)
    work_queue (1.0.0)
    xml-simple (1.1.1)

PLATFORMS
  ruby

DEPENDENCIES
  Ruby-MemCache
  ZenTest
  aasm
  autotest
  aws
  carrot!
  chronic
  cloudmaster!
  cucumber
  daemon_controller!
  daemons (= 1.0.10)
  emissary
  facter
  fastthread
  formtastic!
  god
  grit
  mysql
  net-sftp
  net-ssh
  open_id_authentication!
  query_reviewer!
  rails (~> 2.3.0)
  resque
  resque-loner!
  resque-scheduler!
  rspec
  ruby-openid
  rufus-scheduler
  spawn!
  statemachine
  wirble
  work_queue (~> 1.0.0)
