GIT
  remote: git://github.com/nesquena/query_reviewer.git
  revision: 43b46f92afbc81ae7da8459ff3ae9afa465fe4e8
  specs:
    query_reviewer (0.1.5)

GIT
  remote: git://github.com/nimbul/cloudmaster.git
  revision: d74ac8a81dfcfcbccd7aa80488f36a2b96e1f415
  branch: feature/xml_to_nokogiri
  specs:
    cloudmaster (1.0.0)

GIT
  remote: git://github.com/nimbul/resque-scheduler.git
  revision: ee85676134a90c5a709e70902cff65bf1dec3888
  specs:
    resque-scheduler (2.0.0.h)
      redis (>= 2.0.1)
      resque (>= 1.20.0)
      rufus-scheduler

GIT
  remote: http://github.com/rabbitt/carrot
  revision: aa2b5de5d03515d27e95ee49adaad54b4753dbeb
  specs:
    carrot (0.8.1)

GIT
  remote: https://github.com/Velir/open_id_authentication.git
  revision: 7955a4bf22c08d9f90ffe1e02bb570289a86a8f1
  tag: v1.0.0
  specs:
    open_id_authentication (1.0.0)
      rack-openid (~> 1.3)

GIT
  remote: https://github.com/jayniz/resque-loner.git
  revision: 50371b0ec2d96e84ad1c298eb129fa5e3e7293f6
  specs:
    resque-loner (1.2.0)
      resque (~> 1.0)

GIT
  remote: https://github.com/justinfrench/formtastic.git
  revision: 72caed3ad9aa6cacfe5dc9ee18b7cf7d1519099a
  branch: 1.2-stable
  specs:
    formtastic (1.2.4)
      i18n (~> 0.4.0)

GEM
  remote: http://rubygems.org/
  remote: http://gems.rubyforge.org/
  remote: http://gemcutter.org/
  specs:
    Ruby-MemCache (0.0.1)
      io-reactor (> 0.0.0)
    ZenTest (4.7.0)
    aasm (3.0.5)
      activerecord
    actionmailer (2.3.14)
      actionpack (= 2.3.14)
    actionpack (2.3.14)
      activesupport (= 2.3.14)
      rack (~> 1.1.0)
    activemessaging (0.9.0)
      activesupport (>= 1.0.0)
    activerecord (2.3.14)
      activesupport (= 2.3.14)
    activeresource (2.3.14)
      activesupport (= 2.3.14)
    activesupport (2.3.14)
    amqp (0.6.7)
      eventmachine (>= 0.12.4)
    annoy (0.5.6)
      highline (>= 1.5.0)
    attr_encrypted (1.2.0)
      encryptor (>= 1.1.1)
    autotest (4.4.6)
      ZenTest (>= 4.4.1)
    aws (2.5.6)
      http_connection
      uuidtools
      xml-simple
    bert (1.1.2)
    builder (3.0.0)
    chronic (0.6.7)
    cucumber (1.1.9)
      builder (>= 2.1.2)
      diff-lcs (>= 1.1.2)
      gherkin (~> 2.9.0)
      json (>= 1.4.6)
      term-ansicolor (>= 1.0.6)
    daemons (1.0.10)
    diff-lcs (1.1.3)
    drydock (0.6.9)
    emissary (1.3.18)
      amqp (= 0.6.7)
      bert (>= 1.1.2)
      carrot (= 0.8.1)
      daemons (>= 1.0.10)
      eventmachine (>= 0.12.10)
      inifile (>= 0.3.0)
      servolux (>= 0.9.4)
      sys-cpu (>= 0.6.2)
      uuid (>= 2.3.0)
      work_queue (= 1.0.0)
    encryptor (1.1.3)
    eventmachine (0.12.10)
    facter (1.6.8)
    fastthread (1.0.7)
    ffi (1.0.11)
    gherkin (2.9.3)
      json (>= 1.4.6)
    god (0.12.1)
    grit (2.5.0)
      diff-lcs (~> 1.1)
      mime-types (~> 1.15)
      posix-spawn (~> 0.3.6)
    highline (1.6.13)
    http_connection (1.4.1)
    i18n (0.4.2)
    inifile (1.1.0)
    io-reactor (1.0.4)
    json (1.6.6)
    log4r (1.1.10)
    macaddr (1.5.0)
      systemu (>= 2.4.0)
    mime-types (1.18)
    multi_json (1.3.2)
    mysql (2.8.1)
    net-scp (1.0.4)
      net-ssh (>= 1.99.1)
    net-sftp (2.0.5)
      net-ssh (>= 2.0.9)
    net-ssh (2.3.0)
    nokogiri (1.5.2)
    posix-spawn (0.3.6)
    rack (1.1.3)
    rack-openid (1.3.1)
      rack (>= 1.1.0)
      ruby-openid (>= 2.1.8)
    rails (2.3.14)
      actionmailer (= 2.3.14)
      actionpack (= 2.3.14)
      activerecord (= 2.3.14)
      activeresource (= 2.3.14)
      activesupport (= 2.3.14)
      rake (>= 0.8.3)
    rake (0.9.2.2)
    recaptcha (0.3.4)
    redis (2.2.2)
    redis-namespace (1.0.3)
      redis (< 3.0.0)
    resque (1.20.0)
      multi_json (~> 1.0)
      redis-namespace (~> 1.0.2)
      sinatra (>= 0.9.2)
      vegas (~> 0.1.2)
    rspec (2.9.0)
      rspec-core (~> 2.9.0)
      rspec-expectations (~> 2.9.0)
      rspec-mocks (~> 2.9.0)
    rspec-core (2.9.0)
    rspec-expectations (2.9.1)
      diff-lcs (~> 1.1.3)
    rspec-mocks (2.9.0)
    ruby-openid (2.1.8)
    rufus-scheduler (2.0.16)
      tzinfo (>= 0.3.23)
    rye (0.9.7)
      annoy
      highline (>= 1.5.1)
      net-scp (>= 1.0.2)
      net-ssh (>= 2.0.13)
      sysinfo (>= 0.7.3)
    servolux (0.10.0)
    sinatra (1.2.8)
      rack (~> 1.1)
      tilt (>= 1.2.2, < 2.0)
    statemachine (2.0.1)
    storable (0.8.9)
    sys-cpu (0.7.0)
      ffi (>= 1.0.0)
    sysinfo (0.8.0)
      drydock
      storable
    systemu (2.5.0)
    term-ansicolor (1.0.7)
    tilt (1.3.3)
    tzinfo (0.3.33)
    uuid (2.3.5)
      macaddr (~> 1.0)
    uuidtools (2.1.2)
    vegas (0.1.11)
      rack (>= 1.0.0)
    wirble (0.1.3)
    work_queue (1.0.0)
    xml-simple (1.1.1)

PLATFORMS
  ruby

DEPENDENCIES
  Ruby-MemCache
  ZenTest
  aasm
  activemessaging
  amqp
  attr_encrypted
  autotest
  aws
  bert
  carrot!
  chronic
  cloudmaster!
  cucumber
  daemons
  emissary
  facter
  fastthread
  formtastic!
  god
  grit
  log4r
  mysql
  net-sftp
  net-ssh
  nokogiri
  open_id_authentication!
  query_reviewer!
  rails (~> 2.3.0)
  recaptcha
  resque
  resque-loner!
  resque-scheduler!
  rspec
  ruby-openid
  rufus-scheduler
  rye
  statemachine
  wirble
