GIT
  remote: https://github.com/Velir/open_id_authentication.git
  revision: 7955a4bf22c08d9f90ffe1e02bb570289a86a8f1
  tag: v1.0.0
  specs:
    open_id_authentication (1.0.0)
      rack-openid (~> 1.3)

GIT
  remote: https://github.com/justinfrench/formtastic.git
  revision: 00d4311fb65eca497aa3e93b06f9a4a3681a2917
  branch: 1.2-stable
  specs:
    formtastic (1.2.4)
      actionpack (>= 2.3.7)
      activesupport (>= 2.3.7)
      i18n (~> 0.4)

GIT
  remote: https://github.com/nimbul/cloudmaster.git
  revision: 0db6eef571518de1fa5369df7c49ba477ab89798
  specs:
    cloudmaster (1.0.0)

GEM
  remote: http://rubygems.org/
  specs:
    Ruby-MemCache (0.0.1)
      io-reactor (> 0.0.0)
    ZenTest (4.6.2)
    aasm (2.3.1)
      activerecord
    actionmailer (2.3.14)
      actionpack (= 2.3.14)
    actionpack (2.3.14)
      activesupport (= 2.3.14)
      rack (~> 1.1.0)
    activerecord (2.3.14)
      activesupport (= 2.3.14)
    activeresource (2.3.14)
      activesupport (= 2.3.14)
    activesupport (2.3.14)
    amqp (0.6.7)
      eventmachine (>= 0.12.4)
    autotest (4.4.6)
      ZenTest (>= 4.4.1)
    aws (2.5.6)
      http_connection
      uuidtools
      xml-simple
    bert (1.1.2)
    builder (3.0.0)
    carrot (1.0.0)
    chronic (0.6.4)
    cucumber (1.0.6)
      builder (>= 2.1.2)
      diff-lcs (>= 1.1.2)
      gherkin (~> 2.4.18)
      json (>= 1.4.6)
      term-ansicolor (>= 1.0.6)
    daemons (1.1.4)
    diff-lcs (1.1.3)
    emissary (1.3.13)
      amqp (= 0.6.7)
      bert (>= 1.1.2)
      carrot (>= 0.8.1)
      daemons (>= 1.0.10)
      eventmachine (>= 0.12.10)
      inifile (>= 0.3.0)
      servolux (>= 0.9.4)
      sys-cpu (>= 0.6.2)
      uuid (>= 2.3.0)
      work_queue (>= 1.0.0)
    eventmachine (0.12.10)
    facter (1.6.5)
    fastthread (1.0.7)
    gherkin (2.4.18)
      json (>= 1.4.6)
    http_connection (1.4.1)
    i18n (0.6.0)
    inifile (0.4.1)
    io-reactor (1.0.4)
    json (1.6.0)
    macaddr (1.4.0)
      systemu (~> 2.2.0)
    mysql (2.8.1)
    net-sftp (2.0.5)
      net-ssh (>= 2.0.9)
    net-ssh (2.2.1)
    rack (1.1.2)
    rack-openid (1.3.1)
      rack (>= 1.1.0)
      ruby-openid (>= 2.1.8)
    rails (2.3.14)
      actionmailer (= 2.3.14)
      actionpack (= 2.3.14)
      activerecord (= 2.3.14)
      activeresource (= 2.3.14)
      activesupport (= 2.3.14)
      rake (>= 0.8.3)
    rake (0.9.2)
    rspec (2.6.0)
      rspec-core (~> 2.6.0)
      rspec-expectations (~> 2.6.0)
      rspec-mocks (~> 2.6.0)
    rspec-core (2.6.4)
    rspec-expectations (2.6.0)
      diff-lcs (~> 1.1.2)
    rspec-mocks (2.6.0)
    ruby-openid (2.1.8)
    rufus-scheduler (2.0.10)
      tzinfo (>= 0.3.23)
    servolux (0.9.6)
    sys-cpu (0.6.3)
    systemu (2.2.0)
    term-ansicolor (1.0.6)
    tzinfo (0.3.29)
    uuid (2.3.4)
      macaddr (~> 1.0)
    uuidtools (2.1.2)
    work_queue (1.0.0)
    xml-simple (1.1.0)

PLATFORMS
  ruby

DEPENDENCIES
  Ruby-MemCache
  ZenTest
  aasm
  autotest
  aws
  carrot
  chronic
  cloudmaster!
  cucumber
  emissary
  facter
  fastthread
  formtastic!
  mysql (~> 2.8.1)
  net-sftp
  net-ssh
  open_id_authentication!
  rails (~> 2.3.0)
  rspec
  ruby-openid
  rufus-scheduler
  work_queue (~> 1.0.0)
